PATH
  remote: .
  specs:
    ruby_ireland_feedback (0.0.1)

GEM
  remote: http://rubygems.org/
  specs:
    rake (0.9.2)

PLATFORMS
  ruby

DEPENDENCIES
  rake
  ruby_ireland_feedback!
